PATH
  remote: .
  specs:
    fopen_struct (0.1.0)

GEM
  remote: https://rubygems.org/
  specs:
    fast_open_struct (0.1.0)
    rake (10.1.0)

PLATFORMS
  ruby

DEPENDENCIES
  fast_open_struct
  fopen_struct!
  rake
